GEM
  remote: https://rubygems.org/
  specs:
    daemons (1.1.4)
    eventmachine (0.12.10)
    mojo_magick (0.5.3)
    qr4r (0.3.5)
      mojo_magick
      rqrcode
    rack (1.3.5)
    rqrcode (0.4.2)
    thin (1.3.1)
      daemons (>= 1.0.9)
      eventmachine (>= 0.12.6)
      rack (>= 1.0.0)

PLATFORMS
  ruby

DEPENDENCIES
  qr4r
  rack
  thin
